GEM
  remote: https://rubygems.org/
  specs:
    curses (1.4.7)
    minitest (5.25.5)
    state_machines (0.5.0)
    yard (0.9.37)

PLATFORMS
  arm64-darwin-24
  ruby

DEPENDENCIES
  curses (~> 1.4.4)
  minitest (~> 5.20)
  state_machines (~> 0.5.0)
  yard (~> 0.9.36)

BUNDLED WITH
   2.7.1
